GEM
  specs:
    byebug (11.1.3)

PLATFORMS
  arm64-darwin-21

DEPENDENCIES
  byebug (~> 11.1)

BUNDLED WITH
   2.3.23
